PATH
  remote: .
  specs:
    purecloudclient_v2a (0.1.1)
      typhoeus (~> 0)

GEM
  remote: https://rubygems.org/
  specs:
    ethon (0.11.0)
      ffi (>= 1.3.0)
    ffi (1.9.18)
    rake (10.4.2)
    typhoeus (0.8.0)
      ethon (>= 0.8.0)

PLATFORMS
  ruby

DEPENDENCIES
  bundler (~> 1.16)
  purecloudclient_v2a!
  rake (~> 10.0)

BUNDLED WITH
   1.16.1
